GEM
  remote: https://rubygems.org/
  specs:
    combine_pdf (0.2.35)
      ruby-rc4 (>= 0.1.5)
    iodine (0.2.14)
      rack
      rake-compiler
    plezi (0.14.4)
      bundler (~> 1.13)
      iodine (~> 0.2, >= 0.2.7)
      rack (>= 2.0.0)
    rack (2.0.1)
    rake (12.0.0)
    rake-compiler (1.0.3)
      rake
    ruby-rc4 (0.1.5)
    slim (3.0.7)
      temple (~> 0.7.6)
      tilt (>= 1.3.3, < 2.1)
    temple (0.7.7)
    tilt (2.0.6)

PLATFORMS
  ruby

DEPENDENCIES
  combine_pdf
  iodine
  plezi
  slim

BUNDLED WITH
   1.14.4
