GEM
  remote: https://rubygems.org/
  specs:
    combine_pdf (1.0.15)
      ruby-rc4 (>= 0.1.5)
    iodine (0.7.16)
    plezi (0.16.3)
      bundler (~> 1.14)
      iodine (>= 0.6.0, < 0.8.0)
      rack (>= 2.0.0)
    rack (2.0.6)
    ruby-rc4 (0.1.5)
    slim (4.0.1)
      temple (>= 0.7.6, < 0.9)
      tilt (>= 2.0.6, < 2.1)
    temple (0.8.0)
    tilt (2.0.8)

PLATFORMS
  ruby

DEPENDENCIES
  combine_pdf
  iodine
  plezi
  slim

BUNDLED WITH
   1.16.3
