GEM
  remote: https://rubygems.org/
  specs:
    combine_pdf (0.2.12)
      ruby-rc4 (>= 0.1.5)
    iodine (0.1.17)
    plezi (0.12.17)
      iodine (~> 0.1.17)
    ruby-rc4 (0.1.5)
    slim (3.0.6)
      temple (~> 0.7.3)
      tilt (>= 1.3.3, < 2.1)
    temple (0.7.6)
    tilt (2.0.1)

PLATFORMS
  ruby

DEPENDENCIES
  combine_pdf
  plezi
  slim

BUNDLED WITH
   1.10.6
