GIT
  remote: https://github.com/boazsegev/iodine.git
  revision: ca607732b3366c273e4c184042f9c4ea61c6b31d
  specs:
    iodine (0.2.0)
      rack
      rake-compiler

GIT
  remote: https://github.com/boazsegev/plezi.git
  revision: 64034d90da442eeae08c3f7c09aab2e5d2596118
  specs:
    plezi (0.14.0)
      iodine (~> 0.2.0)

GEM
  remote: https://rubygems.org/
  specs:
    combine_pdf (0.2.27)
      ruby-rc4 (>= 0.1.5)
    rack (2.0.1)
    rake (11.2.2)
    rake-compiler (1.0.1)
      rake
    ruby-rc4 (0.1.5)
    slim (3.0.7)
      temple (~> 0.7.6)
      tilt (>= 1.3.3, < 2.1)
    temple (0.7.6)
    tilt (1.4.1)

PLATFORMS
  ruby

DEPENDENCIES
  combine_pdf
  iodine!
  plezi!
  slim

BUNDLED WITH
   1.12.5
