GIT
  remote: https://github.com/boazsegev/iodine.git
  revision: 8da13c3f35e39b3b1dd0b8e0abe7935d6801f3c1
  specs:
    iodine (0.2.0)
      rack
      rake-compiler

GIT
  remote: https://github.com/boazsegev/plezi.git
  revision: 2cd4b80d8fd6027db85c3b25cb2f8eff976c408a
  specs:
    plezi (0.14.0)
      iodine (~> 0.2.0)

GEM
  remote: https://rubygems.org/
  specs:
    combine_pdf (0.2.30)
      ruby-rc4 (>= 0.1.5)
    rack (2.0.1)
    rake (11.2.2)
    rake-compiler (1.0.1)
      rake
    ruby-rc4 (0.1.5)
    slim (3.0.7)
      temple (~> 0.7.6)
      tilt (>= 1.3.3, < 2.1)
    temple (0.7.7)
    tilt (2.0.5)

PLATFORMS
  ruby

DEPENDENCIES
  combine_pdf
  iodine!
  plezi!
  slim

BUNDLED WITH
   1.12.5
