GIT
  remote: https://github.com/boazsegev/iodine.git
  revision: a5e24545c4d7095047b4aab47a597bf52042855e
  specs:
    iodine (0.2.0)
      rack
      rake-compiler

GIT
  remote: https://github.com/boazsegev/plezi.git
  revision: dc7313de3aef3513fa5f156492b32bb9864aff55
  specs:
    plezi (0.14.0)
      iodine (~> 0.2.0)

GEM
  remote: https://rubygems.org/
  specs:
    combine_pdf (0.2.30)
      ruby-rc4 (>= 0.1.5)
    rack (2.0.1)
    rake (11.2.2)
    rake-compiler (1.0.1)
      rake
    ruby-rc4 (0.1.5)
    slim (3.0.7)
      temple (~> 0.7.6)
      tilt (>= 1.3.3, < 2.1)
    temple (0.7.7)
    tilt (2.0.5)

PLATFORMS
  ruby

DEPENDENCIES
  combine_pdf
  iodine!
  plezi!
  slim

BUNDLED WITH
   1.12.5
