GEM
  remote: https://rubygems.org/
  specs:
    combine_pdf (0.2.2)
      ruby-rc4 (>= 0.1.5)
    greactor (0.0.9)
    grhttp (0.0.10)
      greactor (~> 0.0.9)
    i18n (0.7.0)
    plezi (0.10.6)
      grhttp (~> 0.0.9)
    ruby-rc4 (0.1.5)
    sass (3.4.14)
    slim (3.0.6)
      temple (~> 0.7.3)
      tilt (>= 1.3.3, < 2.1)
    temple (0.7.6)
    tilt (2.0.1)

PLATFORMS
  ruby

DEPENDENCIES
  combine_pdf
  i18n
  plezi
  sass
  slim

BUNDLED WITH
   1.10.4
