GEM
  remote: https://rubygems.org/
  specs:
    combine_pdf (1.0.7)
      ruby-rc4 (>= 0.1.5)
    iodine (0.4.12)
      rack (>= 1.0, < 3.0)
    plezi (0.15.0)
      bundler (~> 1.14)
      iodine (~> 0.4)
      rack (>= 2.0.0)
    rack (2.0.3)
    ruby-rc4 (0.1.5)
    slim (3.0.8)
      temple (>= 0.7.6, < 0.9)
      tilt (>= 1.3.3, < 2.1)
    temple (0.8.0)
    tilt (2.0.8)

PLATFORMS
  ruby

DEPENDENCIES
  combine_pdf
  iodine
  plezi
  slim

BUNDLED WITH
   1.15.4
