GEM
  remote: https://rubygems.org/
  specs:
    combine_pdf (0.1.20)
      ruby-rc4 (>= 0.1.5)
    i18n (0.6.11)
    plezi (0.7.5)
    ruby-rc4 (0.1.5)
    sass (3.4.10)
    slim (3.0.1)
      temple (~> 0.7.3)
      tilt (>= 1.3.3, < 2.1)
    temple (0.7.5)
    tilt (2.0.1)

PLATFORMS
  ruby

DEPENDENCIES
  combine_pdf
  i18n
  plezi
  sass
  slim
