GEM
  remote: https://rubygems.org/
  specs:
    combine_pdf (1.0.0)
      ruby-rc4 (>= 0.1.5)
    iodine (0.3.2)
      rack
      rake-compiler (>= 1)
    plezi (0.14.7)
      bundler (~> 1.14)
      iodine (~> 0.3, >= 0.3.0)
      rack (>= 2.0.0)
    rack (2.0.3)
    rake (12.0.0)
    rake-compiler (1.0.3)
      rake
    ruby-rc4 (0.1.5)
    slim (3.0.8)
      temple (>= 0.7.6, < 0.9)
      tilt (>= 1.3.3, < 2.1)
    temple (0.8.0)
    tilt (2.0.7)

PLATFORMS
  ruby

DEPENDENCIES
  combine_pdf
  iodine
  plezi
  slim

BUNDLED WITH
   1.14.6
