GEM
  remote: https://rubygems.org/
  specs:
    combine_pdf (0.2.4)
      ruby-rc4 (>= 0.1.5)
    greactor (0.0.14)
    grhttp (0.0.23)
      greactor (~> 0.0.14)
    plezi (0.10.17)
      grhttp (~> 0.0.23)
    ruby-rc4 (0.1.5)
    slim (3.0.6)
      temple (~> 0.7.3)
      tilt (>= 1.3.3, < 2.1)
    temple (0.7.6)
    tilt (2.0.1)

PLATFORMS
  ruby

DEPENDENCIES
  combine_pdf
  plezi
  slim

BUNDLED WITH
   1.10.4
