GIT
  remote: https://github.com/boazsegev/iodine.git
  revision: bca738b5be65456c6dcc9de3359683ce2f3e37e4
  specs:
    iodine (0.2.0)
      rack
      rake-compiler

GIT
  remote: https://github.com/boazsegev/plezi.git
  revision: 7fbbf1cd9d7510758b3bb17746c804a8f8f8f097
  specs:
    plezi (0.14.0)
      iodine (~> 0.2.0)

GEM
  remote: https://rubygems.org/
  specs:
    combine_pdf (0.2.30)
      ruby-rc4 (>= 0.1.5)
    rack (2.0.1)
    rake (11.2.2)
    rake-compiler (1.0.1)
      rake
    ruby-rc4 (0.1.5)
    slim (3.0.7)
      temple (~> 0.7.6)
      tilt (>= 1.3.3, < 2.1)
    temple (0.7.7)
    tilt (2.0.5)

PLATFORMS
  ruby

DEPENDENCIES
  combine_pdf
  iodine!
  plezi!
  slim

BUNDLED WITH
   1.12.5
